NUGET
  remote: http://api.nuget.org/v3/index.json
    EasyHook (2.7.6035)
    FAKE (4.37.2)
